GEM
  remote: https://rubygems.org/
  specs:
    sass (3.4.21)

PLATFORMS
  ruby
  x86_64-darwin-15

DEPENDENCIES
  sass

BUNDLED WITH
   1.15.3
